GEM
  remote: https://rubygems.org/
  specs:
    addressable (2.3.8)
    colored (1.2)
    command_line_reporter (3.3.6)
      colored (>= 1.2)
    json (1.8.3)
    mime-types (1.25.1)
    rest-client (1.6.9)
      mime-types (~> 1.16)
    sentimental (1.4.0)
      json (~> 1.8, >= 1.8.3)
    sentimentalizer (0.3.0)
    unirest (1.1.2)
      addressable (~> 2.3.5)
      json (~> 1.8.1)
      rest-client (~> 1.6.7)

PLATFORMS
  ruby

DEPENDENCIES
  command_line_reporter
  sentimental
  sentimentalizer
  unirest

BUNDLED WITH
   1.12.5
